GEM
  remote: https://www.rubygems.org/
  specs:
    active_support (3.0.0)
      activesupport (= 3.0.0)
    activesupport (3.0.0)
    diff-lcs (1.1.3)
    i18n (0.6.1)
    rspec (2.12.0)
      rspec-core (~> 2.12.0)
      rspec-expectations (~> 2.12.0)
      rspec-mocks (~> 2.12.0)
    rspec-core (2.12.2)
    rspec-expectations (2.12.1)
      diff-lcs (~> 1.1.3)
    rspec-mocks (2.12.2)
    sikuli (0.3.0)

PLATFORMS
  java

DEPENDENCIES
  active_support (~> 3.0.0)
  bundler
  i18n (~> 0.6.0)
  redcarpet
  rspec
  sikuli (~> 0.3.0)
  yard
